GEM
  remote: https://rubygems.org/
  specs:
    ansi (1.5.0)
    backports (3.6.7)
    builder (3.2.2)
    daemons (1.2.3)
    eventmachine (1.0.9.1)
    haml (4.0.7)
      tilt
    minitest (5.8.4)
    minitest-reporters (1.1.7)
      ansi
      builder
      minitest (>= 5.0)
      ruby-progressbar
    multi_json (1.11.2)
    rack (1.6.4)
    rack-protection (1.5.3)
      rack
    rack-test (0.6.3)
      rack (>= 1.0)
    rake (10.5.0)
    redcarpet (3.3.4)
    ruby-progressbar (1.7.5)
    sass (3.4.21)
    sinatra (1.4.7)
      rack (~> 1.5)
      rack-protection (~> 1.4)
      tilt (>= 1.3, < 3)
    sinatra-contrib (1.4.6)
      backports (>= 2.0)
      multi_json
      rack-protection
      rack-test
      sinatra (~> 1.4.0)
      tilt (>= 1.3, < 3)
    thin (1.6.4)
      daemons (~> 1.0, >= 1.0.9)
      eventmachine (~> 1.0, >= 1.0.4)
      rack (~> 1.0)
    tilt (2.0.2)

PLATFORMS
  ruby

DEPENDENCIES
  builder
  haml
  minitest
  minitest-reporters
  rake
  redcarpet
  sass
  sinatra
  sinatra-contrib
  thin

BUNDLED WITH
   1.11.2
